GEM
  remote: https://rubygems.org/
  specs:
    actionpack (4.2.11)
      actionview (= 4.2.11)
      activesupport (= 4.2.11)
      rack (~> 1.6)
      rack-test (~> 0.6.2)
      rails-dom-testing (~> 1.0, >= 1.0.5)
      rails-html-sanitizer (~> 1.0, >= 1.0.2)
    actionview (4.2.11)
      activesupport (= 4.2.11)
      builder (~> 3.1)
      erubis (~> 2.7.0)
      rails-dom-testing (~> 1.0, >= 1.0.5)
      rails-html-sanitizer (~> 1.0, >= 1.0.3)
    activesupport (4.2.11)
      i18n (~> 0.7)
      minitest (~> 5.1)
      thread_safe (~> 0.3, >= 0.3.4)
      tzinfo (~> 1.1)
    addressable (2.6.0)
      public_suffix (>= 2.0.2, < 4.0)
    backports (3.11.4)
    builder (3.2.3)
    colorator (1.1.0)
    concurrent-ruby (1.1.4)
    crass (1.0.4)
    double-bag-ftps (0.1.4)
    em-websocket (0.5.1)
      eventmachine (>= 0.12.9)
      http_parser.rb (~> 0.6.0)
    erubis (2.7.0)
    eventmachine (1.2.7-x64-mingw32)
    eventmachine (1.2.7-x86-mingw32)
    ffi (1.10.0-x64-mingw32)
    ffi (1.10.0-x86-mingw32)
    font-awesome-rails (4.7.0.4)
      railties (>= 3.2, < 6.0)
    forwardable-extended (2.6.0)
    glynn (1.2.3)
      double-bag-ftps (~> 0.1.2)
      highline (>= 1.5)
      jekyll
      netrc
    highline (2.0.0)
    http_parser.rb (0.6.0)
    i18n (0.9.5)
      concurrent-ruby (~> 1.0)
    jekyll (3.8.5)
      addressable (~> 2.4)
      colorator (~> 1.0)
      em-websocket (~> 0.5)
      i18n (~> 0.7)
      jekyll-sass-converter (~> 1.0)
      jekyll-watch (~> 2.0)
      kramdown (~> 1.14)
      liquid (~> 4.0)
      mercenary (~> 0.3.3)
      pathutil (~> 0.9)
      rouge (>= 1.7, < 4)
      safe_yaml (~> 1.0)
    jekyll-admin (0.8.1)
      addressable (~> 2.4)
      jekyll (~> 3.3)
      sinatra (~> 1.4)
      sinatra-contrib (~> 1.4)
    jekyll-feed (0.11.0)
      jekyll (~> 3.3)
    jekyll-paginate (1.1.0)
    jekyll-sass-converter (1.5.2)
      sass (~> 3.4)
    jekyll-seo-tag (2.5.0)
      jekyll (~> 3.3)
    jekyll-watch (2.1.2)
      listen (~> 3.0)
    kramdown (1.17.0)
    liquid (4.0.1)
    listen (3.1.5)
      rb-fsevent (~> 0.9, >= 0.9.4)
      rb-inotify (~> 0.9, >= 0.9.7)
      ruby_dep (~> 1.2)
    loofah (2.2.3)
      crass (~> 1.0.2)
      nokogiri (>= 1.5.9)
    mercenary (0.3.6)
    mini_portile2 (2.4.0)
    minima (2.5.0)
      jekyll (~> 3.5)
      jekyll-feed (~> 0.9)
      jekyll-seo-tag (~> 2.1)
    minitest (5.11.3)
    multi_json (1.13.1)
    netrc (0.11.0)
    nokogiri (1.10.1-x64-mingw32)
      mini_portile2 (~> 2.4.0)
    nokogiri (1.10.1-x86-mingw32)
      mini_portile2 (~> 2.4.0)
    pathutil (0.16.2)
      forwardable-extended (~> 2.6)
    public_suffix (3.0.3)
    rack (1.6.11)
    rack-protection (1.5.5)
      rack
    rack-test (0.6.3)
      rack (>= 1.0)
    rails-deprecated_sanitizer (1.0.3)
      activesupport (>= 4.2.0.alpha)
    rails-dom-testing (1.0.9)
      activesupport (>= 4.2.0, < 5.0)
      nokogiri (~> 1.6)
      rails-deprecated_sanitizer (>= 1.0.1)
    rails-html-sanitizer (1.0.4)
      loofah (~> 2.2, >= 2.2.2)
    railties (4.2.11)
      actionpack (= 4.2.11)
      activesupport (= 4.2.11)
      rake (>= 0.8.7)
      thor (>= 0.18.1, < 2.0)
    rake (12.3.2)
    rb-fsevent (0.10.3)
    rb-inotify (0.10.0)
      ffi (~> 1.0)
    rouge (3.3.0)
    ruby_dep (1.5.0)
    safe_yaml (1.0.4)
    sass (3.7.3)
      sass-listen (~> 4.0.0)
    sass-listen (4.0.0)
      rb-fsevent (~> 0.9, >= 0.9.4)
      rb-inotify (~> 0.9, >= 0.9.7)
    sinatra (1.4.8)
      rack (~> 1.5)
      rack-protection (~> 1.4)
      tilt (>= 1.3, < 3)
    sinatra-contrib (1.4.7)
      backports (>= 2.0)
      multi_json
      rack-protection
      rack-test
      sinatra (~> 1.4.0)
      tilt (>= 1.3, < 3)
    thor (0.20.3)
    thread_safe (0.3.6)
    tilt (2.0.9)
    tzinfo (1.2.5)
      thread_safe (~> 0.1)
    tzinfo-data (1.2018.9)
      tzinfo (>= 1.0.0)
    wdm (0.1.1)

PLATFORMS
  x64-mingw32
  x86-mingw32

DEPENDENCIES
  font-awesome-rails
  glynn (>= 1.2.3)
  jekyll (~> 3.8.3)
  jekyll-admin
  jekyll-feed (~> 0.6)
  jekyll-paginate
  minima (~> 2.0)
  tzinfo-data
  wdm (~> 0.1.0)

BUNDLED WITH
   1.17.2
